GEM
  remote: https://rubygems.org/
  specs:
    aws-eventstream (1.0.1)
    aws-partitions (1.105.0)
    aws-sdk-apigateway (1.17.0)
      aws-sdk-core (~> 3, >= 3.26.0)
      aws-sigv4 (~> 1.0)
    aws-sdk-core (3.29.0)
      aws-eventstream (~> 1.0)
      aws-partitions (~> 1.0)
      aws-sigv4 (~> 1.0)
      jmespath (~> 1.0)
    aws-sigv4 (1.0.3)
    coderay (1.1.2)
    jmespath (1.4.0)
    method_source (0.9.0)
    nypl_log_formatter (0.1.3)
    pry (0.11.3)
      coderay (~> 1.1.0)
      method_source (~> 0.9.0)
    pry-remote (0.1.8)
      pry (~> 0.9)
      slop (~> 3.0)
    slop (3.6.0)

PLATFORMS
  ruby

DEPENDENCIES
  aws-sdk-apigateway (~> 1.17)
  nypl_log_formatter (~> 0.1.3)
  pry-remote

BUNDLED WITH
   1.13.6
